GEM
  remote: https://rubygems.org/
  specs:
    haml (4.0.7)
      tilt
    jasmine (2.5.2)
      jasmine-core (>= 2.5.1, < 3.0.0)
      phantomjs
      rack (>= 1.2.1)
      rake
    jasmine-core (2.5.2)
    phantomjs (2.1.1.0)
    rack (1.6.5)
    rack-protection (1.5.3)
      rack
    rake (12.0.0)
    sinatra (1.4.8)
      rack (~> 1.5)
      rack-protection (~> 1.4)
      tilt (>= 1.3, < 3)
    tilt (2.0.6)

PLATFORMS
  ruby

DEPENDENCIES
  haml
  jasmine
  sinatra

RUBY VERSION
   ruby 2.3.1p112

BUNDLED WITH
   1.13.7
